PATH
  remote: .
  specs:
    gentelella-rails (0.1.12)
      bootstrap-daterangepicker-rails (>= 0.1.7)
      bootstrap-sass (~> 3.4.1)
      chart-js-rails
      coffee-rails
      fastclick-rails
      flot-rails
      font-awesome-sass (~> 5.6.1)
      jquery-rails
      momentjs-rails
      nprogress-rails
      parsley-rails
      rails-assets-DateJS
      rails-assets-icheck
      railties (>= 4.0)
      sassc-rails (>= 2.1.0)
      select2-rails
      switchery-rails

GEM
  remote: https://rubygems.org/
  remote: https://rails-assets.org/
  specs:
    actionpack (5.2.2)
      actionview (= 5.2.2)
      activesupport (= 5.2.2)
      rack (~> 2.0)
      rack-test (>= 0.6.3)
      rails-dom-testing (~> 2.0)
      rails-html-sanitizer (~> 1.0, >= 1.0.2)
    actionview (5.2.2)
      activesupport (= 5.2.2)
      builder (~> 3.1)
      erubi (~> 1.4)
      rails-dom-testing (~> 2.0)
      rails-html-sanitizer (~> 1.0, >= 1.0.3)
    activesupport (5.2.2)
      concurrent-ruby (~> 1.0, >= 1.0.2)
      i18n (>= 0.7, < 2)
      minitest (~> 5.1)
      tzinfo (~> 1.1)
    autoprefixer-rails (9.4.10.2)
      execjs
    bootstrap-daterangepicker-rails (3.0.3)
      railties (>= 4.0, < 5.3)
    bootstrap-sass (3.4.1)
      autoprefixer-rails (>= 5.2.1)
      sassc (>= 2.0.0)
    builder (3.2.3)
    chart-js-rails (0.1.6)
      railties (> 3.1)
    coffee-rails (4.2.2)
      coffee-script (>= 2.2.0)
      railties (>= 4.0.0)
    coffee-script (2.4.1)
      coffee-script-source
      execjs
    coffee-script-source (1.12.2)
    concurrent-ruby (1.1.4)
    crass (1.0.4)
    erubi (1.8.0)
    execjs (2.7.0)
    fastclick-rails (1.0.1)
    ffi (1.10.0)
    flot-rails (0.0.7)
      jquery-rails
    font-awesome-sass (5.6.1)
      sassc (>= 1.11)
    i18n (1.6.0)
      concurrent-ruby (~> 1.0)
    jquery-rails (4.3.3)
      rails-dom-testing (>= 1, < 3)
      railties (>= 4.2.0)
      thor (>= 0.14, < 2.0)
    loofah (2.2.3)
      crass (~> 1.0.2)
      nokogiri (>= 1.5.9)
    method_source (0.9.2)
    mini_portile2 (2.4.0)
    minitest (5.11.3)
    momentjs-rails (2.20.1)
      railties (>= 3.1)
    nokogiri (1.10.1)
      mini_portile2 (~> 2.4.0)
    nprogress-rails (0.2.0.2)
    parsley-rails (2.8.1.0)
      railties (>= 3.0.0)
    rack (2.0.6)
    rack-test (1.1.0)
      rack (>= 1.0, < 3)
    rails-assets-DateJS (1.0.0.rc3)
    rails-assets-icheck (1.0.2)
      rails-assets-jquery (>= 1.7)
    rails-assets-jquery (3.3.1)
    rails-dom-testing (2.0.3)
      activesupport (>= 4.2.0)
      nokogiri (>= 1.6)
    rails-html-sanitizer (1.0.4)
      loofah (~> 2.2, >= 2.2.2)
    railties (5.2.2)
      actionpack (= 5.2.2)
      activesupport (= 5.2.2)
      method_source
      rake (>= 0.8.7)
      thor (>= 0.19.0, < 2.0)
    rake (12.3.2)
    sassc (2.0.1)
      ffi (~> 1.9)
      rake
    sassc-rails (2.1.0)
      railties (>= 4.0.0)
      sassc (>= 2.0)
      sprockets (> 3.0)
      sprockets-rails
      tilt
    select2-rails (4.0.3)
      thor (~> 0.14)
    sprockets (3.7.2)
      concurrent-ruby (~> 1.0)
      rack (> 1, < 3)
    sprockets-rails (3.2.1)
      actionpack (>= 4.0)
      activesupport (>= 4.0)
      sprockets (>= 3.0.0)
    sqlite3 (1.4.0)
    switchery-rails (0.8.1.1)
      railties (>= 3.2, < 6.0)
    thor (0.20.3)
    thread_safe (0.3.6)
    tilt (2.0.9)
    tzinfo (1.2.5)
      thread_safe (~> 0.1)

PLATFORMS
  ruby

DEPENDENCIES
  gentelella-rails!
  rails-assets-DateJS!
  rails-assets-icheck!
  sqlite3

BUNDLED WITH
   1.17.3
